GEM
  remote: https://rubygems.org/
  specs:
    byebug (11.1.3)
    rake (13.1.0)

PLATFORMS
  x86_64-darwin-21

DEPENDENCIES
  byebug
  rake

BUNDLED WITH
   2.3.7
